{
    "TaskName": "monitor",
    "Manufacturer": "Elekta",
    "PowerLineFrequency": 60.0,
    "SamplingFrequency": 1000.0,
    "SoftwareFilters": "n/a",
    "RecordingDuration": 15.499,
    "RecordingType": "continuous",
    "iEEGReference": "n/a",
    "ECOGChannelCount": 96,
    "SEEGChannelCount": 0,
    "EEGChannelCount": 0,
    "EOGChannelCount": 0,
    "ECGChannelCount": 2,
    "EMGChannelCount": 0,
    "MiscChannelCount": 0,
    "TriggerChannelCount": 0
}
