Brain Vision Data Exchange Header File Version 1.0
;Written using pybv 0.2.0

[Common Infos]
Codepage=UTF-8
DataFile=sub-0001_ses-seizure_task-monitor_acq-ecog_run-00_ieeg.eeg
MarkerFile=sub-0001_ses-seizure_task-monitor_acq-ecog_run-00_ieeg.vmrk
DataFormat=BINARY
; DataOrientation: MULTIPLEXED=ch1,pt1, ch2,pt1 ...
DataOrientation=MULTIPLEXED
NumberOfChannels=98
; Sampling interval in microseconds
SamplingInterval=1000

[Binary Infos]
BinaryFormat=IEEE_FLOAT_32

[Channel Infos]
; Each entry: Ch<Channel number>=<Name>,<Reference channel name>,
; <Resolution in "unit">,<unit>,Future extensions…
; Fields are delimited by commas, some fields might be omitted (empty).
; Commas in channel names are coded as "\1".
Ch1=G1,,1.000,nV
Ch2=G2,,1.000,nV
Ch3=G3,,1.000,nV
Ch4=G4,,1.000,nV
Ch5=G5,,1.000,nV
Ch6=G6,,1.000,nV
Ch7=G7,,1.000,nV
Ch8=G8,,1.000,nV
Ch9=G9,,1.000,nV
Ch10=G10,,1.000,nV
Ch11=G13,,1.000,nV
Ch12=G14,,1.000,nV
Ch13=G15,,1.000,nV
Ch14=G16,,1.000,nV
Ch15=G17,,1.000,nV
Ch16=G18,,1.000,nV
Ch17=G19,,1.000,nV
Ch18=G20,,1.000,nV
Ch19=G21,,1.000,nV
Ch20=G22,,1.000,nV
Ch21=G23,,1.000,nV
Ch22=G11,,1.000,nV
Ch23=G12,,1.000,nV
Ch24=G24,,1.000,nV
Ch25=G25,,1.000,nV
Ch26=G26,,1.000,nV
Ch27=G27,,1.000,nV
Ch28=G28,,1.000,nV
Ch29=G29,,1.000,nV
Ch30=G30,,1.000,nV
Ch31=G31,,1.000,nV
Ch32=G32,,1.000,nV
Ch33=ATT1,,1.000,nV
Ch34=ATT2,,1.000,nV
Ch35=ATT3,,1.000,nV
Ch36=ATT4,,1.000,nV
Ch37=DC01,,1.000,nV
Ch38=DC09,,1.000,nV
Ch39=DC10,,1.000,nV
Ch40=DC11,,1.000,nV
Ch41=DC12,,1.000,nV
Ch42=ATT5,,1.000,nV
Ch43=ATT6,,1.000,nV
Ch44=$G11,,1.000,nV
Ch45=$G12,,1.000,nV
Ch46=ATT7,,1.000,nV
Ch47=ATT8,,1.000,nV
Ch48=PLT1,,1.000,nV
Ch49=PLT2,,1.000,nV
Ch50=PLT3,,1.000,nV
Ch51=PLT4,,1.000,nV
Ch52=PLT5,,1.000,nV
Ch53=PLT6,,1.000,nV
Ch54=AST1,,1.000,nV
Ch55=AST2,,1.000,nV
Ch56=AST3,,1.000,nV
Ch57=AST4,,1.000,nV
Ch58=PST1,,1.000,nV
Ch59=PST2,,1.000,nV
Ch60=PST3,,1.000,nV
Ch61=PST4,,1.000,nV
Ch62=AD1,,1.000,nV
Ch63=AD2,,1.000,nV
Ch64=AD3,,1.000,nV
Ch65=AD4,,1.000,nV
Ch66=PD1,,1.000,nV
Ch67=PD2,,1.000,nV
Ch68=PD3,,1.000,nV
Ch69=PD4,,1.000,nV
Ch70=RQ1,,1.000,nV
Ch71=RQ2,,1.000,nV
Ch72=SF1,,1.000,nV
Ch73=SF2,,1.000,nV
Ch74=SF3,,1.000,nV
Ch75=SF4,,1.000,nV
Ch76=SF5,,1.000,nV
Ch77=SF6,,1.000,nV
Ch78=IF1,,1.000,nV
Ch79=IF2,,1.000,nV
Ch80=IF3,,1.000,nV
Ch81=IF4,,1.000,nV
Ch82=IF5,,1.000,nV
Ch83=IF6,,1.000,nV
Ch84=ILT1,,1.000,nV
Ch85=ILT2,,1.000,nV
Ch86=ILT3,,1.000,nV
Ch87=ILT4,,1.000,nV
Ch88=MLT1,,1.000,nV
Ch89=MLT2,,1.000,nV
Ch90=MLT3,,1.000,nV
Ch91=MLT4,,1.000,nV
Ch92=SLT1,,1.000,nV
Ch93=SLT2,,1.000,nV
Ch94=SLT3,,1.000,nV
Ch95=SLT4,,1.000,nV
Ch96=EKG1,,1.000,nV
Ch97=EKG2,,1.000,nV
Ch98=N/A,,1.000,nV

[Comment]

