Brain Vision Data Exchange Header File Version 1.0
;Written using pybv 0.2.0

[Common Infos]
Codepage=UTF-8
DataFile=sub-0001_ses-seizure_task-monitor_acq-eeg_run-01_eeg.eeg
MarkerFile=sub-0001_ses-seizure_task-monitor_acq-eeg_run-01_eeg.vmrk
DataFormat=BINARY
; DataOrientation: MULTIPLEXED=ch1,pt1, ch2,pt1 ...
DataOrientation=MULTIPLEXED
NumberOfChannels=42
; Sampling interval in microseconds
SamplingInterval=5000

[Binary Infos]
BinaryFormat=IEEE_FLOAT_32

[Channel Infos]
; Each entry: Ch<Channel number>=<Name>,<Reference channel name>,
; <Resolution in "unit">,<unit>,Future extensions…
; Fields are delimited by commas, some fields might be omitted (empty).
; Commas in channel names are coded as "\1".
Ch1=FP1,,1.000,nV
Ch2=FP2,,1.000,nV
Ch3=F3,,1.000,nV
Ch4=F4,,1.000,nV
Ch5=C3,,1.000,nV
Ch6=C4,,1.000,nV
Ch7=P3,,1.000,nV
Ch8=P4,,1.000,nV
Ch9=O1,,1.000,nV
Ch10=O2,,1.000,nV
Ch11=F7,,1.000,nV
Ch12=F8,,1.000,nV
Ch13=T7,,1.000,nV
Ch14=T8,,1.000,nV
Ch15=P7,,1.000,nV
Ch16=P8,,1.000,nV
Ch17=FZ,,1.000,nV
Ch18=CZ,,1.000,nV
Ch19=PZ,,1.000,nV
Ch20=E,,1.000,nV
Ch21=PG1,,1.000,nV
Ch22=PG2,,1.000,nV
Ch23=A1,,1.000,nV
Ch24=A2,,1.000,nV
Ch25=T1,,1.000,nV
Ch26=T2,,1.000,nV
Ch27=ECG1,,1.000,nV
Ch28=ECG2,,1.000,nV
Ch29=F9,,1.000,nV
Ch30=T9,,1.000,nV
Ch31=P9,,1.000,nV
Ch32=F10,,1.000,nV
Ch33=T10,,1.000,nV
Ch34=P10,,1.000,nV
Ch35=X9,,1.000,nV
Ch36=X10,,1.000,nV
Ch37=DC01,,1.000,nV
Ch38=DC02,,1.000,nV
Ch39=DC03,,1.000,nV
Ch40=DC04,,1.000,nV
Ch41=$A1,,1.000,nV
Ch42=$A2,,1.000,nV

[Comment]

