{
    "TaskName": "monitor",
    "Manufacturer": "Elekta",
    "PowerLineFrequency": 60.0,
    "SamplingFrequency": 200.0,
    "SoftwareFilters": "n/a",
    "RecordingDuration": 235.995,
    "RecordingType": "continuous",
    "EEGReference": "n/a",
    "EEGGround": "n/a",
    "EEGPlacementScheme": "n/a",
    "EEGChannelCount": 40,
    "EOGChannelCount": 0,
    "ECGChannelCount": 2,
    "EMGChannelCount": 0,
    "MiscChannelCount": 0,
    "TriggerChannelCount": 0
}
